PATH
  remote: .
  specs:
    lnurl (1.1.2)
      bech32 (>= 1.1)

GEM
  remote: https://rubygems.org/
  specs:
    bech32 (1.4.2)
      thor (>= 1.1.0)
    diff-lcs (1.4.4)
    rake (12.3.3)
    rspec (3.10.0)
      rspec-core (~> 3.10.0)
      rspec-expectations (~> 3.10.0)
      rspec-mocks (~> 3.10.0)
    rspec-core (3.10.1)
      rspec-support (~> 3.10.0)
    rspec-expectations (3.10.1)
      diff-lcs (>= 1.2.0, < 2.0)
      rspec-support (~> 3.10.0)
    rspec-mocks (3.10.2)
      diff-lcs (>= 1.2.0, < 2.0)
      rspec-support (~> 3.10.0)
    rspec-support (3.10.2)
    thor (1.2.2)

PLATFORMS
  ruby

DEPENDENCIES
  lnurl!
  rake (~> 12.0)
  rspec (~> 3.0)

BUNDLED WITH
   2.4.4
